GIT
  remote: git://github.com/JonathonMA/oauth-ruby.git
  revision: 16ab31ceb8a40d4a522009d7e7480bf032383fb8
  branch: fix/site_with_path
  specs:
    oauth (0.4.5)

GIT
  remote: git://github.com/JonathonMA/twitter_oauth.git
  revision: 64ceb6476f1ec1c386ca2c6d97be2272dd65fee6
  branch: fix/hardcoded_site_and_path
  specs:
    twitter_oauth (0.4.3)
      json (>= 1.1.9)
      mime-types (>= 1.16)
      oauth (>= 0.4.1)

GEM
  remote: http://rubygems.org/
  specs:
    activesupport (3.0.5)
    awesome_print (0.3.2)
    configuration (1.2.0)
    diff-lcs (1.1.2)
    eventmachine (0.12.10)
    git (1.2.5)
    i18n (0.5.0)
    jeweler (1.5.2)
      bundler (~> 1.0.0)
      git (>= 1.2.5)
      rake
    json (1.6.5)
    launchy (0.4.0)
      configuration (>= 0.0.5)
      rake (>= 0.8.1)
    mime-types (1.17.2)
    notify (0.3.0)
    rake (0.8.7)
    roauth (0.0.3)
    rspec (2.3.0)
      rspec-core (~> 2.3.0)
      rspec-expectations (~> 2.3.0)
      rspec-mocks (~> 2.3.0)
    rspec-core (2.3.1)
    rspec-expectations (2.3.0)
      diff-lcs (~> 1.1.2)
    rspec-mocks (2.3.0)
    slop (1.3.1)
    twitter-stream (0.1.12)
      eventmachine (>= 0.12.8)
      roauth (>= 0.0.2)

PLATFORMS
  ruby

DEPENDENCIES
  activesupport
  awesome_print
  bundler (~> 1.0.0)
  i18n
  jeweler (~> 1.5.2)
  launchy
  notify
  oauth!
  rspec (~> 2.3.0)
  slop
  twitter-stream
  twitter_oauth!
